GIT
  remote: git://github.com/activeadmin/activeadmin.git
  revision: 557d143e8a48d0e1ebe94be7923835ee98c94a91
  specs:
    activeadmin (1.0.0.pre2)
      arbre (~> 1.0, >= 1.0.2)
      bourbon
      coffee-rails
      formtastic (~> 3.1)
      formtastic_i18n
      inherited_resources (~> 1.6)
      jquery-rails
      jquery-ui-rails
      kaminari (~> 0.15)
      rails (>= 3.2, < 5.0)
      ransack (~> 1.3)
      sass-rails

GIT
  remote: git://github.com/derekprior/momentjs-rails.git
  revision: eda1b74512db5844673bd4d37a6e4fe6127053b3
  specs:
    momentjs-rails (2.11.0)
      railties (>= 3.1)

GIT
  remote: git://github.com/mobmewireless/unobtrusive_flash.git
  revision: 24e7787d16db66f7956747444433a4e47278193a
  branch: master
  specs:
    unobtrusive_flash (3.1.0)
      railties

GIT
  remote: git://github.com/northworld/google_calendar.git
  revision: b56fb3050b926fdf945db333cdc3b14b70dbb212
  specs:
    google_calendar (0.5.1)
      TimezoneParser (~> 0.2.0)
      json (~> 1.8)
      signet (~> 0.6)

GIT
  remote: git://github.com/zpaulovics/datetimepicker-rails.git
  revision: 36d21cec5da7f5b214925804f60e63c61c747023
  branch: master
  submodules: true
  specs:
    datetimepicker-rails (4.7.16)
      momentjs-rails (>= 2.9.0)

GEM
  remote: https://rubygems.org/
  remote: https://rails-assets.org/
  specs:
    CFPropertyList (2.3.2)
    TimezoneParser (0.2.0)
      insensitive_hash
      tzinfo
    actionmailer (4.2.5)
      actionpack (= 4.2.5)
      actionview (= 4.2.5)
      activejob (= 4.2.5)
      mail (~> 2.5, >= 2.5.4)
      rails-dom-testing (~> 1.0, >= 1.0.5)
    actionpack (4.2.5)
      actionview (= 4.2.5)
      activesupport (= 4.2.5)
      rack (~> 1.6)
      rack-test (~> 0.6.2)
      rails-dom-testing (~> 1.0, >= 1.0.5)
      rails-html-sanitizer (~> 1.0, >= 1.0.2)
    actionview (4.2.5)
      activesupport (= 4.2.5)
      builder (~> 3.1)
      erubis (~> 2.7.0)
      rails-dom-testing (~> 1.0, >= 1.0.5)
      rails-html-sanitizer (~> 1.0, >= 1.0.2)
    active_skin (0.0.12)
    activejob (4.2.5)
      activesupport (= 4.2.5)
      globalid (>= 0.3.0)
    activemodel (4.2.5)
      activesupport (= 4.2.5)
      builder (~> 3.1)
    activerecord (4.2.5)
      activemodel (= 4.2.5)
      activesupport (= 4.2.5)
      arel (~> 6.0)
    activesupport (4.2.5)
      i18n (~> 0.7)
      json (~> 1.7, >= 1.7.7)
      minitest (~> 5.1)
      thread_safe (~> 0.3, >= 0.3.4)
      tzinfo (~> 1.1)
    addressable (2.4.0)
    arbre (1.0.3)
      activesupport (>= 3.0.0)
    arel (6.0.3)
    ast (2.2.0)
    attribute_normalizer (1.2.0)
    autoprefixer-rails (6.3.1)
      execjs
      json
    babel-source (5.8.34)
    babel-transpiler (0.7.0)
      babel-source (>= 4.0, < 6)
      execjs (~> 2.0)
    bcrypt (3.1.10)
    better_errors (2.1.1)
      coderay (>= 1.0.0)
      erubis (>= 2.6.6)
      rack (>= 0.9.0)
    binding_of_caller (0.7.2)
      debug_inspector (>= 0.0.1)
    bootstrap-sass (3.3.6)
      autoprefixer-rails (>= 5.2.1)
      sass (>= 3.3.4)
    bourbon (4.2.6)
      sass (~> 3.4)
      thor (~> 0.19)
    builder (3.2.2)
    bullet (5.0.0)
      activesupport (>= 3.0.0)
      uniform_notifier (~> 1.9.0)
    cancancan (1.13.1)
    capybara (2.5.0)
      mime-types (>= 1.16)
      nokogiri (>= 1.3.3)
      rack (>= 1.0.0)
      rack-test (>= 0.5.4)
      xpath (~> 2.0)
    capybara-email (2.4.0)
      capybara (~> 2.4)
      mail
    capybara-screenshot (1.0.11)
      capybara (>= 1.0, < 3)
      launchy
    capybara-webkit (1.7.1)
      capybara (>= 2.3.0, < 2.6.0)
      json
    carrierwave (0.10.0)
      activemodel (>= 3.2.0)
      activesupport (>= 3.2.0)
      json (>= 1.7)
      mime-types (>= 1.16)
    carrierwave_backgrounder (0.4.2)
      carrierwave (~> 0.5)
    coderay (1.1.0)
    coffee-rails (4.1.1)
      coffee-script (>= 2.2.0)
      railties (>= 4.0.0, < 5.1.x)
    coffee-script (2.4.1)
      coffee-script-source
      execjs
    coffee-script-source (1.10.0)
    concurrent-ruby (1.0.0)
    connection_pool (2.2.0)
    crack (0.4.3)
      safe_yaml (~> 1.0.0)
    css_parser (1.3.7)
      addressable
    database_cleaner (1.5.1)
    debug_inspector (0.0.2)
    delayed_job (4.1.1)
      activesupport (>= 3.0, < 5.0)
    delayed_job_active_record (4.1.0)
      activerecord (>= 3.0, < 5)
      delayed_job (>= 3.0, < 5)
    delayed_job_web (1.2.10)
      activerecord (> 3.0.0)
      delayed_job (> 2.0.3)
      sinatra (>= 1.4.4)
    devise (3.5.3)
      bcrypt (~> 3.0)
      orm_adapter (~> 0.1)
      railties (>= 3.2.6, < 5)
      responders
      thread_safe (~> 0.1)
      warden (~> 1.2.3)
    devise_invitable (1.5.5)
      actionmailer (>= 3.2.6, < 5)
      devise (>= 3.2.0)
    diff-lcs (1.2.5)
    domain_name (0.5.25)
      unf (>= 0.0.5, < 1.0.0)
    dotenv (2.1.0)
    dotenv-rails (2.1.0)
      dotenv (= 2.1.0)
      railties (>= 4.0, < 5.1)
    erubis (2.7.0)
    eventmachine (1.0.9.1)
    excon (0.45.4)
    execjs (2.6.0)
    factory_girl (4.5.0)
      activesupport (>= 3.0.0)
    factory_girl_rails (4.5.0)
      factory_girl (~> 4.5.0)
      railties (>= 3.0.0)
    faker (1.6.1)
      i18n (~> 0.5)
    faraday (0.9.2)
      multipart-post (>= 1.2, < 3)
    faye-websocket (0.10.2)
      eventmachine (>= 0.12.0)
      websocket-driver (>= 0.5.1)
    fission (0.5.0)
      CFPropertyList (~> 2.2)
    fog (1.37.0)
      fog-aliyun (>= 0.1.0)
      fog-atmos
      fog-aws (>= 0.6.0)
      fog-brightbox (~> 0.4)
      fog-core (~> 1.32)
      fog-dynect (~> 0.0.2)
      fog-ecloud (~> 0.1)
      fog-google (<= 0.1.0)
      fog-json
      fog-local
      fog-powerdns (>= 0.1.1)
      fog-profitbricks
      fog-radosgw (>= 0.0.2)
      fog-riakcs
      fog-sakuracloud (>= 0.0.4)
      fog-serverlove
      fog-softlayer
      fog-storm_on_demand
      fog-terremark
      fog-vmfusion
      fog-voxel
      fog-vsphere (>= 0.4.0)
      fog-xenserver
      fog-xml (~> 0.1.1)
      ipaddress (~> 0.5)
    fog-aliyun (0.1.0)
      fog-core (~> 1.27)
      fog-json (~> 1.0)
      ipaddress (~> 0.8)
      xml-simple (~> 1.1)
    fog-atmos (0.1.0)
      fog-core
      fog-xml
    fog-aws (0.8.1)
      fog-core (~> 1.27)
      fog-json (~> 1.0)
      fog-xml (~> 0.1)
      ipaddress (~> 0.8)
    fog-brightbox (0.10.1)
      fog-core (~> 1.22)
      fog-json
      inflecto (~> 0.0.2)
    fog-core (1.35.0)
      builder
      excon (~> 0.45)
      formatador (~> 0.2)
    fog-dynect (0.0.2)
      fog-core
      fog-json
      fog-xml
    fog-ecloud (0.3.0)
      fog-core
      fog-xml
    fog-google (0.1.0)
      fog-core
      fog-json
      fog-xml
    fog-json (1.0.2)
      fog-core (~> 1.0)
      multi_json (~> 1.10)
    fog-local (0.2.1)
      fog-core (~> 1.27)
    fog-powerdns (0.1.1)
      fog-core (~> 1.27)
      fog-json (~> 1.0)
      fog-xml (~> 0.1)
    fog-profitbricks (0.0.5)
      fog-core
      fog-xml
      nokogiri
    fog-radosgw (0.0.5)
      fog-core (>= 1.21.0)
      fog-json
      fog-xml (>= 0.0.1)
    fog-riakcs (0.1.0)
      fog-core
      fog-json
      fog-xml
    fog-sakuracloud (1.7.5)
      fog-core
      fog-json
    fog-serverlove (0.1.2)
      fog-core
      fog-json
    fog-softlayer (1.0.3)
      fog-core
      fog-json
    fog-storm_on_demand (0.1.1)
      fog-core
      fog-json
    fog-terremark (0.1.0)
      fog-core
      fog-xml
    fog-vmfusion (0.1.0)
      fission
      fog-core
    fog-voxel (0.1.0)
      fog-core
      fog-xml
    fog-vsphere (0.4.0)
      fog-core
      rbvmomi (~> 1.8)
    fog-xenserver (0.2.3)
      fog-core
      fog-xml
    fog-xml (0.1.2)
      fog-core
      nokogiri (~> 1.5, >= 1.5.11)
    font-awesome-rails (4.5.0.0)
      railties (>= 3.2, < 5.0)
    formatador (0.2.5)
    formtastic (3.1.3)
      actionpack (>= 3.2.13)
    formtastic_i18n (0.5.0)
    friendly_id (5.1.0)
      activerecord (>= 4.0.0)
    gaffe (1.0.2)
      rails (>= 3.2.0)
    globalid (0.3.6)
      activesupport (>= 4.1.0)
    gravtastic (3.2.6)
    groupdate (2.5.0)
      activesupport (>= 3)
    has_scope (0.6.0)
      actionpack (>= 3.2, < 5)
      activesupport (>= 3.2, < 5)
    has_secure_token (1.0.0)
      activerecord (>= 3.0)
    hashdiff (0.2.3)
    http-cookie (1.0.2)
      domain_name (~> 0.5)
    http_router (0.11.2)
      rack (>= 1.0.0)
      url_mount (~> 0.2.1)
    i18n (0.7.0)
    ice_nine (0.11.1)
    inflecto (0.0.2)
    inherited_resources (1.6.0)
      actionpack (>= 3.2, < 5)
      has_scope (~> 0.6.0.rc)
      railties (>= 3.2, < 5)
      responders
    insensitive_hash (0.3.3)
    ipaddress (0.8.2)
    jbuilder (2.4.0)
      activesupport (>= 3.0.0, < 5.1)
      multi_json (~> 1.2)
    jquery-rails (4.1.0)
      rails-dom-testing (~> 1.0)
      railties (>= 4.2.0)
      thor (>= 0.14, < 2.0)
    jquery-ui-rails (5.0.5)
      railties (>= 3.2.16)
    json (1.8.3)
    just-datetime-picker (0.0.6)
      activeadmin (>= 0.4.4)
      formtastic (>= 2.0.0)
    jwt (1.5.2)
    kaminari (0.16.3)
      actionpack (>= 3.0.0)
      activesupport (>= 3.0.0)
    launchy (2.4.3)
      addressable (~> 2.3)
    letter_opener (1.4.1)
      launchy (~> 2.2)
    lita (4.7.0)
      bundler (>= 1.3)
      faraday (>= 0.8.7)
      http_router (>= 0.11.2)
      i18n (>= 0.6.9)
      ice_nine (>= 0.11.0)
      multi_json (>= 1.7.7)
      puma (>= 2.7.1)
      rack (>= 1.5.2)
      rb-readline (>= 0.5.1)
      redis-namespace (>= 1.3.0)
      thor (>= 0.18.1)
    lita-slack (1.7.2)
      eventmachine
      faraday
      faye-websocket (>= 0.8.0)
      lita (>= 4.6.0)
      multi_json
    logstash-event (1.2.02)
    logstash-logger (0.15.2)
      logstash-event (~> 1.2)
      stud
    loofah (2.0.3)
      nokogiri (>= 1.5.9)
    mail (2.6.3)
      mime-types (>= 1.16, < 3)
    method_source (0.8.2)
    mime-types (2.99)
    mini_magick (4.3.6)
    mini_portile2 (2.0.0)
    minitest (5.8.3)
    multi_json (1.11.2)
    multipart-post (2.0.0)
    netrc (0.11.0)
    nokogiri (1.6.7.1)
      mini_portile2 (~> 2.0.0.rc2)
    orm_adapter (0.5.0)
    parser (2.3.0.1)
      ast (~> 2.2)
    passenger (5.0.23)
      rack
      rake (>= 0.8.1)
    pg (0.18.4)
    phony (2.15.14)
    phony_rails (0.12.11)
      activesupport (>= 3.0)
      phony (~> 2.12)
    polyamorous (1.3.0)
      activerecord (>= 3.0)
    powerpack (0.1.1)
    pry (0.10.3)
      coderay (~> 1.1.0)
      method_source (~> 0.8.1)
      slop (~> 3.4)
    pry-rails (0.3.4)
      pry (>= 0.9.10)
    puma (2.15.3)
    quiet_assets (1.1.0)
      railties (>= 3.1, < 5.0)
    rack (1.6.4)
    rack-protection (1.5.3)
      rack
    rack-test (0.6.3)
      rack (>= 1.0)
    rails (4.2.5)
      actionmailer (= 4.2.5)
      actionpack (= 4.2.5)
      actionview (= 4.2.5)
      activejob (= 4.2.5)
      activemodel (= 4.2.5)
      activerecord (= 4.2.5)
      activesupport (= 4.2.5)
      bundler (>= 1.3.0, < 2.0)
      railties (= 4.2.5)
      sprockets-rails
    rails-assets-bootstrap-tabcollapse (0.2.6)
    rails-assets-curioussolutions-datetimepicker (0.1.25)
    rails-assets-ev-emitter (1.0.1)
    rails-assets-fizzy-ui-utils (2.0.0)
      rails-assets-matches-selector (~> 2.0.0)
    rails-assets-get-size (2.0.2)
    rails-assets-jquery (2.2.0)
    rails-assets-masonry (4.0.0)
      rails-assets-get-size (~> 2.0.2)
      rails-assets-outlayer (~> 2.0.0)
    rails-assets-matches-selector (2.0.1)
    rails-assets-outlayer (2.0.0)
      rails-assets-ev-emitter (~> 1.0.0)
      rails-assets-fizzy-ui-utils (~> 2.0.0)
      rails-assets-get-size (~> 2.0.2)
    rails-assets-pnotify (3.0.0)
      rails-assets-jquery (>= 1.6)
    rails-assets-trix (0.9.4)
    rails-deprecated_sanitizer (1.0.3)
      activesupport (>= 4.2.0.alpha)
    rails-dom-testing (1.0.7)
      activesupport (>= 4.2.0.beta, < 5.0)
      nokogiri (~> 1.6.0)
      rails-deprecated_sanitizer (>= 1.0.1)
    rails-html-sanitizer (1.0.2)
      loofah (~> 2.0)
    rails_12factor (0.0.3)
      rails_serve_static_assets
      rails_stdout_logging
    rails_serve_static_assets (0.0.4)
    rails_stdout_logging (0.0.4)
    railties (4.2.5)
      actionpack (= 4.2.5)
      activesupport (= 4.2.5)
      rake (>= 0.8.7)
      thor (>= 0.18.1, < 2.0)
    rainbow (2.0.0)
    rake (10.5.0)
    ransack (1.7.0)
      actionpack (>= 3.0)
      activerecord (>= 3.0)
      activesupport (>= 3.0)
      i18n
      polyamorous (~> 1.2)
    rb-readline (0.5.3)
    rbvmomi (1.8.2)
      builder
      nokogiri (>= 1.4.1)
      trollop
    rdoc (4.2.1)
    react-rails (1.5.0)
      babel-transpiler (>= 0.7.0)
      coffee-script-source (~> 1.8)
      connection_pool
      execjs
      rails (>= 3.2)
      tilt
    recaptcha (1.0.2)
      json
    redis (3.2.2)
    redis-namespace (1.5.2)
      redis (~> 3.0, >= 3.0.4)
    require_all (1.3.3)
    responders (2.1.1)
      railties (>= 4.2.0, < 5.1)
    rest-client (1.8.0)
      http-cookie (>= 1.0.2, < 2.0)
      mime-types (>= 1.16, < 3.0)
      netrc (~> 0.7)
    roadie (3.1.1)
      css_parser (~> 1.3.4)
      nokogiri (>= 1.5.0, < 1.7.0)
    roadie-rails (1.1.0)
      railties (>= 3.0, < 4.3)
      roadie (~> 3.1)
    rspec-core (3.4.1)
      rspec-support (~> 3.4.0)
    rspec-expectations (3.4.0)
      diff-lcs (>= 1.2.0, < 2.0)
      rspec-support (~> 3.4.0)
    rspec-mocks (3.4.1)
      diff-lcs (>= 1.2.0, < 2.0)
      rspec-support (~> 3.4.0)
    rspec-rails (3.4.0)
      actionpack (>= 3.0, < 4.3)
      activesupport (>= 3.0, < 4.3)
      railties (>= 3.0, < 4.3)
      rspec-core (~> 3.4.0)
      rspec-expectations (~> 3.4.0)
      rspec-mocks (~> 3.4.0)
      rspec-support (~> 3.4.0)
    rspec-support (3.4.1)
    rubocop (0.36.0)
      parser (>= 2.3.0.0, < 3.0)
      powerpack (~> 0.1)
      rainbow (>= 1.99.1, < 3.0)
      ruby-progressbar (~> 1.7)
    ruby-progressbar (1.7.5)
    safe_yaml (1.0.4)
    sass (3.4.21)
    sass-rails (5.0.4)
      railties (>= 4.0.0, < 5.0)
      sass (~> 3.1)
      sprockets (>= 2.8, < 4.0)
      sprockets-rails (>= 2.0, < 4.0)
      tilt (>= 1.1, < 3)
    sdoc (0.4.1)
      json (~> 1.7, >= 1.7.7)
      rdoc (~> 4.0)
    seedbank (0.3.0)
    select2-rails (4.0.1)
      thor (~> 0.14)
    sentry-raven (0.15.3)
      faraday (>= 0.7.6)
    signet (0.7.2)
      addressable (~> 2.3)
      faraday (~> 0.9)
      jwt (~> 1.5)
      multi_json (~> 1.10)
    simple_form (3.1.1)
      actionpack (~> 4.0)
      activemodel (~> 4.0)
    simple_form_fancy_uploads (0.2.0)
      carrierwave
      rails (>= 4.0.0)
      simple_form (~> 3.1)
    sinatra (1.4.6)
      rack (~> 1.4)
      rack-protection (~> 1.4)
      tilt (>= 1.3, < 3)
    slim (3.0.6)
      temple (~> 0.7.3)
      tilt (>= 1.3.3, < 2.1)
    slop (3.6.0)
    sparkr (0.4.1)
    spring (1.6.2)
    sprockets (3.5.2)
      concurrent-ruby (~> 1.0)
      rack (> 1, < 3)
    sprockets-rails (3.0.0)
      actionpack (>= 4.0)
      activesupport (>= 4.0)
      sprockets (>= 3.0.0)
    stud (0.0.22)
    temple (0.7.6)
    thor (0.19.1)
    thread_safe (0.3.5)
    tilt (2.0.2)
    trollop (2.1.2)
    turbolinks (2.5.3)
      coffee-rails
    tzinfo (1.2.2)
      thread_safe (~> 0.1)
    uglifier (2.7.2)
      execjs (>= 0.3.0)
      json (>= 1.8.0)
    unf (0.1.4)
      unf_ext
    unf_ext (0.0.7.1)
    uniform_notifier (1.9.0)
    url_mount (0.2.1)
      rack
    valid_url (0.0.4)
      addressable
      rails
    videojs_rails (4.12.14)
    warden (1.2.4)
      rack (>= 1.0)
    webmock (1.22.6)
      addressable (>= 2.3.6)
      crack (>= 0.3.2)
      hashdiff
    websocket-driver (0.6.3)
      websocket-extensions (>= 0.1.0)
    websocket-extensions (0.1.2)
    wicked (1.2.1)
      railties (>= 3.0.7)
    xml-simple (1.1.5)
    xpath (2.0.0)
      nokogiri (~> 1.3)

PLATFORMS
  ruby

DEPENDENCIES
  active_skin
  activeadmin!
  attribute_normalizer (~> 1.2.0.b)
  autoprefixer-rails
  better_errors
  binding_of_caller
  bootstrap-sass (~> 3.3.3)
  bullet
  cancancan (~> 1.8)
  capybara
  capybara-email
  capybara-screenshot
  capybara-webkit
  carrierwave
  carrierwave_backgrounder
  coderay
  coffee-rails (~> 4.1.0)
  database_cleaner
  datetimepicker-rails!
  delayed_job_active_record
  delayed_job_web
  devise_invitable
  dotenv-rails
  factory_girl
  factory_girl_rails (~> 4.0)
  faker
  fog
  font-awesome-rails
  friendly_id
  gaffe
  google_calendar!
  gravtastic
  groupdate
  has_secure_token
  jbuilder (~> 2.0)
  jquery-rails
  just-datetime-picker
  letter_opener
  lita
  lita-slack
  logstash-logger
  mini_magick
  momentjs-rails (>= 2.8.1)!
  nokogiri
  passenger (~> 5.0.14)
  pg
  phony_rails
  pry-rails
  quiet_assets
  rails (= 4.2.5)
  rails-assets-bootstrap-tabcollapse!
  rails-assets-curioussolutions-datetimepicker!
  rails-assets-masonry!
  rails-assets-pnotify!
  rails-assets-trix!
  rails_12factor
  react-rails
  recaptcha
  require_all
  rest-client
  roadie-rails
  rspec-rails (~> 3.4.0)
  rubocop
  sass-rails (~> 5.0)
  sdoc (~> 0.4.0)
  seedbank
  select2-rails
  sentry-raven
  simple_form (~> 3.1.1)
  simple_form_fancy_uploads
  slim
  sparkr
  spring
  turbolinks
  uglifier
  unobtrusive_flash!
  valid_url
  videojs_rails
  webmock
  wicked

BUNDLED WITH
   1.11.2
