GIT
  remote: git://github.com/derekprior/momentjs-rails.git
  revision: 85334f46df85cccb4c8fbaf07f0757f57801b9a9
  specs:
    momentjs-rails (2.10.3)
      railties (>= 3.1)

GIT
  remote: git://github.com/litaio/lita-slack.git
  revision: 38a968fd88e46fb5448420296b6415ecfe946a46
  specs:
    lita-slack (1.7.2)
      eventmachine
      faraday
      faye-websocket (>= 0.8.0)
      lita (>= 4.7.0)
      multi_json

GIT
  remote: git://github.com/mileszs/wicked_pdf.git
  revision: aee77867a7356d2a5f5340d22d30cb5a8b6afc86
  specs:
    wicked_pdf (1.0.6)

GIT
  remote: git://github.com/mobmewireless/unobtrusive_flash.git
  revision: 24e7787d16db66f7956747444433a4e47278193a
  branch: master
  specs:
    unobtrusive_flash (3.1.0)
      railties

GIT
  remote: git://github.com/northworld/google_calendar.git
  revision: b56fb3050b926fdf945db333cdc3b14b70dbb212
  specs:
    google_calendar (0.5.1)
      TimezoneParser (~> 0.2.0)
      json (~> 1.8)
      signet (~> 0.6)

GIT
  remote: git://github.com/zpaulovics/datetimepicker-rails.git
  revision: 36d21cec5da7f5b214925804f60e63c61c747023
  branch: master
  submodules: true
  specs:
    datetimepicker-rails (4.7.16)
      momentjs-rails (>= 2.9.0)

GEM
  remote: https://rubygems.org/
  remote: https://rails-assets.org/
  specs:
    CFPropertyList (2.3.2)
    TimezoneParser (0.2.0)
      insensitive_hash
      tzinfo
    actionmailer (4.2.7)
      actionpack (= 4.2.7)
      actionview (= 4.2.7)
      activejob (= 4.2.7)
      mail (~> 2.5, >= 2.5.4)
      rails-dom-testing (~> 1.0, >= 1.0.5)
    actionpack (4.2.7)
      actionview (= 4.2.7)
      activesupport (= 4.2.7)
      rack (~> 1.6)
      rack-test (~> 0.6.2)
      rails-dom-testing (~> 1.0, >= 1.0.5)
      rails-html-sanitizer (~> 1.0, >= 1.0.2)
    actionview (4.2.7)
      activesupport (= 4.2.7)
      builder (~> 3.1)
      erubis (~> 2.7.0)
      rails-dom-testing (~> 1.0, >= 1.0.5)
      rails-html-sanitizer (~> 1.0, >= 1.0.2)
    activeadmin (1.0.0.pre4)
      arbre (~> 1.0, >= 1.0.2)
      bourbon
      coffee-rails
      formtastic (~> 3.1)
      formtastic_i18n
      inherited_resources (~> 1.6)
      jquery-rails
      jquery-ui-rails
      kaminari (~> 0.15)
      rails (>= 3.2, < 5.1)
      ransack (~> 1.3)
      sass-rails
      sprockets (< 4)
    activejob (4.2.7)
      activesupport (= 4.2.7)
      globalid (>= 0.3.0)
    activemodel (4.2.7)
      activesupport (= 4.2.7)
      builder (~> 3.1)
    activerecord (4.2.7)
      activemodel (= 4.2.7)
      activesupport (= 4.2.7)
      arel (~> 6.0)
    activesupport (4.2.7)
      i18n (~> 0.7)
      json (~> 1.7, >= 1.7.7)
      minitest (~> 5.1)
      thread_safe (~> 0.3, >= 0.3.4)
      tzinfo (~> 1.1)
    acts-as-taggable-on (3.5.0)
      activerecord (>= 3.2, < 5)
    addressable (2.4.0)
    ahoy_matey (1.3.0)
      addressable
      browser (~> 2.0)
      errbase
      geocoder
      rack-attack
      rails
      referer-parser (>= 0.3.0)
      request_store
      user_agent_parser
      uuidtools
    arbre (1.1.1)
      activesupport (>= 3.0.0)
    arel (6.0.3)
    ast (2.2.0)
    attribute_normalizer (1.2.0)
    autoprefixer-rails (6.4.0.1)
      execjs
    axiom-types (0.1.1)
      descendants_tracker (~> 0.0.4)
      ice_nine (~> 0.11.0)
      thread_safe (~> 0.3, >= 0.3.1)
    babel-source (5.8.35)
    babel-transpiler (0.7.0)
      babel-source (>= 4.0, < 6)
      execjs (~> 2.0)
    bcrypt (3.1.10)
    bootstrap-sass (3.3.5)
      autoprefixer-rails (>= 5.0.0.1)
      sass (>= 3.2.19)
    bourbon (4.2.7)
      sass (~> 3.4)
      thor (~> 0.19)
    browser (2.0.2)
    builder (3.2.2)
    bullet (4.14.7)
      activesupport (>= 3.0.0)
      uniform_notifier (~> 1.9.0)
    bundler-audit (0.4.0)
      bundler (~> 1.2)
      thor (~> 0.18)
    cancancan (1.11.0)
    capybara (2.8.0)
      addressable
      mime-types (>= 1.16)
      nokogiri (>= 1.3.3)
      rack (>= 1.0.0)
      rack-test (>= 0.5.4)
      xpath (~> 2.0)
    capybara-email (2.5.0)
      capybara (~> 2.4)
      mail
    capybara-screenshot (1.0.12)
      capybara (>= 1.0, < 3)
      launchy
    carrierwave (0.10.0)
      activemodel (>= 3.2.0)
      activesupport (>= 3.2.0)
      json (>= 1.7)
      mime-types (>= 1.16)
    carrierwave-bombshelter (0.2.0.1)
      activesupport (>= 3.2.0)
      carrierwave
      fastimage
    carrierwave_backgrounder (0.4.1)
      carrierwave (~> 0.5)
    cliver (0.3.2)
    coderay (1.1.0)
    coercible (1.0.0)
      descendants_tracker (~> 0.0.1)
    coffee-rails (4.1.1)
      coffee-script (>= 2.2.0)
      railties (>= 4.0.0, < 5.1.x)
    coffee-script (2.4.1)
      coffee-script-source
      execjs
    coffee-script-source (1.10.0)
    concurrent-ruby (1.0.2)
    connection_pool (2.2.0)
    crack (0.4.3)
      safe_yaml (~> 1.0.0)
    css_parser (1.3.7)
      addressable
    database_cleaner (1.5.0)
    debug_inspector (0.0.2)
    declarative (0.0.8)
      uber (>= 0.0.15)
    delayed_job (4.0.6)
      activesupport (>= 3.0, < 5.0)
    delayed_job_active_record (4.0.3)
      activerecord (>= 3.0, < 5.0)
      delayed_job (>= 3.0, < 4.1)
    delayed_job_web (1.2.10)
      activerecord (> 3.0.0)
      delayed_job (> 2.0.3)
      sinatra (>= 1.4.4)
    descendants_tracker (0.0.4)
      thread_safe (~> 0.3, >= 0.3.1)
    devise (3.5.6)
      bcrypt (~> 3.0)
      orm_adapter (~> 0.1)
      railties (>= 3.2.6, < 5)
      responders
      thread_safe (~> 0.1)
      warden (~> 1.2.3)
    devise_invitable (1.5.1)
      actionmailer (>= 3.2.6, < 5)
      devise (>= 3.2.0)
    diff-lcs (1.2.5)
    disposable (0.3.2)
      declarative (>= 0.0.8, < 1.0.0)
      representable (>= 2.4.0, <= 3.1.0)
      uber
    docile (1.1.5)
    domain_name (0.5.24)
      unf (>= 0.0.5, < 1.0.0)
    dotenv (2.0.2)
    dotenv-rails (2.0.2)
      dotenv (= 2.0.2)
      railties (~> 4.0)
    dry-configurable (0.1.6)
      concurrent-ruby (~> 1.0)
    dry-container (0.3.4)
      concurrent-ruby (~> 1.0)
      dry-configurable (~> 0.1, >= 0.1.3)
    dry-equalizer (0.2.0)
    dry-logic (0.3.0)
      dry-container (~> 0.2, >= 0.2.6)
      dry-equalizer (~> 0.2)
    dry-monads (0.0.2)
    dry-types (0.8.0)
      concurrent-ruby (~> 1.0)
      dry-configurable (~> 0.1)
      dry-container (~> 0.3)
      dry-equalizer (~> 0.2)
      dry-logic (~> 0.3, >= 0.3.0)
      dry-monads (>= 0.0.1)
      ice_nine (~> 0.11)
      inflecto (~> 0.0.0, >= 0.0.2)
    dry-validation (0.9.0)
      concurrent-ruby (~> 1.0)
      dry-configurable (~> 0.1, >= 0.1.3)
      dry-container (~> 0.2, >= 0.2.8)
      dry-equalizer (~> 0.2)
      dry-logic (~> 0.3, >= 0.3.0)
      dry-types (~> 0.8, >= 0.8.0)
    equalizer (0.0.11)
    errbase (0.0.3)
    erubis (2.7.0)
    eventmachine (1.0.9.1)
    excon (0.45.4)
    execjs (2.7.0)
    extlib (0.9.16)
    factory_girl (4.5.0)
      activesupport (>= 3.0.0)
    factory_girl_rails (4.5.0)
      factory_girl (~> 4.5.0)
      railties (>= 3.0.0)
    faker (1.4.3)
      i18n (~> 0.5)
    faraday (0.9.2)
      multipart-post (>= 1.2, < 3)
    fastimage (2.0.0)
      addressable (~> 2)
    faye-websocket (0.10.3)
      eventmachine (>= 0.12.0)
      websocket-driver (>= 0.5.1)
    fission (0.5.0)
      CFPropertyList (~> 2.2)
    flattened_active_admin (0.0.7)
      rails (>= 3.2.0)
    fog (1.37.0)
      fog-aliyun (>= 0.1.0)
      fog-atmos
      fog-aws (>= 0.6.0)
      fog-brightbox (~> 0.4)
      fog-core (~> 1.32)
      fog-dynect (~> 0.0.2)
      fog-ecloud (~> 0.1)
      fog-google (<= 0.1.0)
      fog-json
      fog-local
      fog-powerdns (>= 0.1.1)
      fog-profitbricks
      fog-radosgw (>= 0.0.2)
      fog-riakcs
      fog-sakuracloud (>= 0.0.4)
      fog-serverlove
      fog-softlayer
      fog-storm_on_demand
      fog-terremark
      fog-vmfusion
      fog-voxel
      fog-vsphere (>= 0.4.0)
      fog-xenserver
      fog-xml (~> 0.1.1)
      ipaddress (~> 0.5)
    fog-aliyun (0.1.0)
      fog-core (~> 1.27)
      fog-json (~> 1.0)
      ipaddress (~> 0.8)
      xml-simple (~> 1.1)
    fog-atmos (0.1.0)
      fog-core
      fog-xml
    fog-aws (0.8.1)
      fog-core (~> 1.27)
      fog-json (~> 1.0)
      fog-xml (~> 0.1)
      ipaddress (~> 0.8)
    fog-brightbox (0.10.1)
      fog-core (~> 1.22)
      fog-json
      inflecto (~> 0.0.2)
    fog-core (1.35.0)
      builder
      excon (~> 0.45)
      formatador (~> 0.2)
    fog-dynect (0.0.2)
      fog-core
      fog-json
      fog-xml
    fog-ecloud (0.3.0)
      fog-core
      fog-xml
    fog-google (0.1.0)
      fog-core
      fog-json
      fog-xml
    fog-json (1.0.2)
      fog-core (~> 1.0)
      multi_json (~> 1.10)
    fog-local (0.2.1)
      fog-core (~> 1.27)
    fog-powerdns (0.1.1)
      fog-core (~> 1.27)
      fog-json (~> 1.0)
      fog-xml (~> 0.1)
    fog-profitbricks (0.0.5)
      fog-core
      fog-xml
      nokogiri
    fog-radosgw (0.0.5)
      fog-core (>= 1.21.0)
      fog-json
      fog-xml (>= 0.0.1)
    fog-riakcs (0.1.0)
      fog-core
      fog-json
      fog-xml
    fog-sakuracloud (1.7.5)
      fog-core
      fog-json
    fog-serverlove (0.1.2)
      fog-core
      fog-json
    fog-softlayer (1.0.3)
      fog-core
      fog-json
    fog-storm_on_demand (0.1.1)
      fog-core
      fog-json
    fog-terremark (0.1.0)
      fog-core
      fog-xml
    fog-vmfusion (0.1.0)
      fission
      fog-core
    fog-voxel (0.1.0)
      fog-core
      fog-xml
    fog-vsphere (0.5.0)
      fog-core
      rbvmomi (~> 1.8)
    fog-xenserver (0.2.3)
      fog-core
      fog-xml
    fog-xml (0.1.2)
      fog-core
      nokogiri (~> 1.5, >= 1.5.11)
    font-awesome-rails (4.4.0.0)
      railties (>= 3.2, < 5.0)
    formatador (0.2.5)
    formtastic (3.1.4)
      actionpack (>= 3.2.13)
    formtastic_i18n (0.6.0)
    friendly_id (5.1.0)
      activerecord (>= 4.0.0)
    gaffe (1.0.2)
      rails (>= 3.2.0)
    geocoder (1.3.1)
    globalid (0.3.7)
      activesupport (>= 4.1.0)
    gravtastic (3.2.6)
    groupdate (2.5.0)
      activesupport (>= 3)
    has_scope (0.6.0)
      actionpack (>= 3.2, < 5)
      activesupport (>= 3.2, < 5)
    has_secure_token (1.0.0)
      activerecord (>= 3.0)
    hashdiff (0.3.0)
    http-cookie (1.0.2)
      domain_name (~> 0.5)
    http_router (0.11.2)
      rack (>= 1.0.0)
      url_mount (~> 0.2.1)
    i18n (0.7.0)
    ice_nine (0.11.2)
    inflecto (0.0.2)
    inherited_resources (1.6.0)
      actionpack (>= 3.2, < 5)
      has_scope (~> 0.6.0.rc)
      railties (>= 3.2, < 5)
      responders
    insensitive_hash (0.3.3)
    intercom (3.5.3)
      json (~> 1.8)
    intercom-rails (0.3.2)
      activesupport (> 3.0)
    ipaddress (0.8.2)
    jbuilder (2.3.0)
      activesupport (>= 3.0.0, < 5)
      multi_json (~> 1.2)
    jquery-rails (4.2.1)
      rails-dom-testing (>= 1, < 3)
      railties (>= 4.2.0)
      thor (>= 0.14, < 2.0)
    jquery-ui-rails (5.0.5)
      railties (>= 3.2.16)
    json (1.8.3)
    just-datetime-picker (0.0.6)
      activeadmin (>= 0.4.4)
      formtastic (>= 2.0.0)
    jwt (1.5.1)
    kaminari (0.17.0)
      actionpack (>= 3.0.0)
      activesupport (>= 3.0.0)
    kramdown (1.11.1)
    launchy (2.4.3)
      addressable (~> 2.3)
    letter_opener (1.4.1)
      launchy (~> 2.2)
    lita (4.7.0)
      bundler (>= 1.3)
      faraday (>= 0.8.7)
      http_router (>= 0.11.2)
      i18n (>= 0.6.9)
      ice_nine (>= 0.11.0)
      multi_json (>= 1.7.7)
      puma (>= 2.7.1)
      rack (>= 1.5.2)
      rb-readline (>= 0.5.1)
      redis-namespace (>= 1.3.0)
      thor (>= 0.18.1)
    logstash-event (1.2.02)
    logstash-logger (0.10.1)
      logstash-event (~> 1.2)
      stud
    loofah (2.0.3)
      nokogiri (>= 1.5.9)
    mail (2.6.4)
      mime-types (>= 1.16, < 4)
    method_source (0.8.2)
    mime-types (2.99.2)
    mini_magick (4.2.7)
    mini_portile2 (2.1.0)
    minitest (5.9.0)
    multi_json (1.11.2)
    multipart-post (2.0.0)
    netrc (0.10.3)
    nokogiri (1.6.8)
      mini_portile2 (~> 2.1.0)
      pkg-config (~> 1.1.7)
    orm_adapter (0.5.0)
    parser (2.3.0.6)
      ast (~> 2.2)
    passenger (5.0.24)
      rack
      rake (>= 0.8.1)
    pg (0.18.3)
    phony (2.15.15)
    phony_rails (0.12.11)
      activesupport (>= 3.0)
      phony (~> 2.12)
    pkg-config (1.1.7)
    poltergeist (1.10.0)
      capybara (~> 2.1)
      cliver (~> 0.3.1)
      websocket-driver (>= 0.2.0)
    polyamorous (1.3.1)
      activerecord (>= 3.0)
    postmark (1.8.1)
      json
      rake
    postmark-rails (0.13.0)
      actionmailer (>= 3.0.0)
      postmark (~> 1.8.0)
    powerpack (0.1.1)
    pry (0.10.1)
      coderay (~> 1.1.0)
      method_source (~> 0.8.1)
      slop (~> 3.4)
    pry-rails (0.3.4)
      pry (>= 0.9.10)
    puma (3.1.0)
    rack (1.6.4)
    rack-attack (4.4.1)
      rack
    rack-protection (1.5.3)
      rack
    rack-test (0.6.3)
      rack (>= 1.0)
    rails (4.2.7)
      actionmailer (= 4.2.7)
      actionpack (= 4.2.7)
      actionview (= 4.2.7)
      activejob (= 4.2.7)
      activemodel (= 4.2.7)
      activerecord (= 4.2.7)
      activesupport (= 4.2.7)
      bundler (>= 1.3.0, < 2.0)
      railties (= 4.2.7)
      sprockets-rails
    rails-assets-bootstrap-tabcollapse (0.2.6)
    rails-assets-chartkick (2.0.1)
    rails-assets-curioussolutions-datetimepicker (0.1.11)
    rails-assets-ev-emitter (1.0.1)
    rails-assets-fizzy-ui-utils (2.0.0)
      rails-assets-matches-selector (~> 2.0.0)
    rails-assets-gemini-scrollbar (1.4.3)
    rails-assets-get-size (2.0.2)
    rails-assets-intro.js (2.0.0)
    rails-assets-jquery (2.1.4)
    rails-assets-jquery-stickit (0.2.0)
      rails-assets-jquery (>= 1.6)
    rails-assets-jquery.scrollTo (2.1.2)
      rails-assets-jquery (>= 1.8)
    rails-assets-masonry (4.0.0)
      rails-assets-get-size (~> 2.0.2)
      rails-assets-outlayer (~> 2.0.0)
    rails-assets-matches-selector (2.0.1)
    rails-assets-outlayer (2.0.0)
      rails-assets-ev-emitter (~> 1.0.0)
      rails-assets-fizzy-ui-utils (~> 2.0.0)
      rails-assets-get-size (~> 2.0.2)
    rails-assets-perfect-scrollbar (0.6.10)
    rails-assets-pnotify (2.0.1)
    rails-assets-readmore (2.2.0)
      rails-assets-jquery (>= 2.1.4)
    rails-assets-slick-carousel (1.5.9)
      rails-assets-jquery (>= 1.7)
    rails-assets-tether (1.3.2)
    rails-assets-trix (0.9.5)
    rails-assets-waypoints (4.0.0)
    rails-deprecated_sanitizer (1.0.3)
      activesupport (>= 4.2.0.alpha)
    rails-dom-testing (1.0.7)
      activesupport (>= 4.2.0.beta, < 5.0)
      nokogiri (~> 1.6.0)
      rails-deprecated_sanitizer (>= 1.0.1)
    rails-html-sanitizer (1.0.3)
      loofah (~> 2.0)
    rails_12factor (0.0.3)
      rails_serve_static_assets
      rails_stdout_logging
    rails_serve_static_assets (0.0.4)
    rails_stdout_logging (0.0.3)
    railties (4.2.7)
      actionpack (= 4.2.7)
      activesupport (= 4.2.7)
      rake (>= 0.8.7)
      thor (>= 0.18.1, < 2.0)
    rainbow (2.1.0)
    rake (11.2.2)
    ransack (1.8.2)
      actionpack (>= 3.0)
      activerecord (>= 3.0)
      activesupport (>= 3.0)
      i18n
      polyamorous (~> 1.3)
    rb-readline (0.5.3)
    rbvmomi (1.8.2)
      builder
      nokogiri (>= 1.4.1)
      trollop
    react-rails (1.8.1)
      babel-transpiler (>= 0.7.0)
      coffee-script-source (~> 1.8)
      connection_pool
      execjs
      railties (>= 3.2)
      tilt
    recaptcha (0.4.0)
    redis (3.2.2)
    redis-namespace (1.5.2)
      redis (~> 3.0, >= 3.0.4)
    referer-parser (0.3.0)
    reform (2.2.1)
      disposable (>= 0.3.0, < 0.4.0)
      representable (>= 2.4.0, < 3.1.0)
      uber (~> 0.0.11)
    reform-rails (0.1.4)
      activemodel (>= 3.2)
      reform (>= 2.2.0.rc1)
    representable (3.0.0)
      declarative (~> 0.0.5)
      uber (~> 0.0.15)
    request_store (1.3.0)
    require_all (1.3.2)
    responders (2.3.0)
      railties (>= 4.2.0, < 5.1)
    rest-client (1.8.0)
      http-cookie (>= 1.0.2, < 2.0)
      mime-types (>= 1.16, < 3.0)
      netrc (~> 0.7)
    roadie (3.1.1)
      css_parser (~> 1.3.4)
      nokogiri (>= 1.5.0, < 1.7.0)
    roadie-rails (1.1.0)
      railties (>= 3.0, < 4.3)
      roadie (~> 3.1)
    rspec-core (3.4.4)
      rspec-support (~> 3.4.0)
    rspec-expectations (3.4.0)
      diff-lcs (>= 1.2.0, < 2.0)
      rspec-support (~> 3.4.0)
    rspec-mocks (3.4.1)
      diff-lcs (>= 1.2.0, < 2.0)
      rspec-support (~> 3.4.0)
    rspec-rails (3.4.2)
      actionpack (>= 3.0, < 4.3)
      activesupport (>= 3.0, < 4.3)
      railties (>= 3.0, < 4.3)
      rspec-core (~> 3.4.0)
      rspec-expectations (~> 3.4.0)
      rspec-mocks (~> 3.4.0)
      rspec-support (~> 3.4.0)
    rspec-support (3.4.1)
    rubocop (0.38.0)
      parser (>= 2.3.0.6, < 3.0)
      powerpack (~> 0.1)
      rainbow (>= 1.99.1, < 3.0)
      ruby-progressbar (~> 1.7)
      unicode-display_width (~> 1.0, >= 1.0.1)
    ruby-progressbar (1.7.5)
    safe_yaml (1.0.4)
    sass (3.4.22)
    sass-rails (5.0.6)
      railties (>= 4.0.0, < 6)
      sass (~> 3.1)
      sprockets (>= 2.8, < 4.0)
      sprockets-rails (>= 2.0, < 4.0)
      tilt (>= 1.1, < 3)
    seedbank (0.3.0)
    select2-rails (3.5.9.3)
      thor (~> 0.14)
    sentry-raven (0.13.3)
      faraday (>= 0.7.6)
    shortener (0.5.5)
      rails (>= 3.0.7)
    signet (0.6.1)
      addressable (~> 2.3)
      extlib (~> 0.9)
      faraday (~> 0.9)
      jwt (~> 1.5)
      multi_json (~> 1.10)
    simple_form (3.1.1)
      actionpack (~> 4.0)
      activemodel (~> 4.0)
    simple_form_fancy_uploads (0.2.0)
      carrierwave
      rails (>= 4.0.0)
      simple_form (~> 3.1)
    simplecov (0.11.2)
      docile (~> 1.1.0)
      json (~> 1.8)
      simplecov-html (~> 0.10.0)
    simplecov-html (0.10.0)
    sinatra (1.4.6)
      rack (~> 1.4)
      rack-protection (~> 1.4)
      tilt (>= 1.3, < 3)
    slim (3.0.6)
      temple (~> 0.7.3)
      tilt (>= 1.3.3, < 2.1)
    slop (3.6.0)
    spring (1.7.1)
    sprockets (3.7.0)
      concurrent-ruby (~> 1.0)
      rack (> 1, < 3)
    sprockets-rails (3.1.1)
      actionpack (>= 4.0)
      activesupport (>= 4.0)
      sprockets (>= 3.0.0)
    stud (0.0.20)
    temple (0.7.6)
    thor (0.19.1)
    thread_safe (0.3.5)
    tilt (2.0.5)
    titleize (1.4.0)
    trollop (2.1.2)
    turbolinks (2.5.3)
      coffee-rails
    tzinfo (1.2.2)
      thread_safe (~> 0.1)
    uber (0.0.15)
    uglifier (2.7.2)
      execjs (>= 0.3.0)
      json (>= 1.8.0)
    unf (0.1.4)
      unf_ext
    unf_ext (0.0.7.1)
    unicode-display_width (1.0.2)
    uniform_notifier (1.9.0)
    url_mount (0.2.1)
      rack
    user_agent_parser (2.3.0)
    uuidtools (2.1.5)
    valid_url (0.0.4)
      addressable
      rails
    videojs_rails (4.12.14)
    virtus (1.0.5)
      axiom-types (~> 0.1)
      coercible (~> 1.0)
      descendants_tracker (~> 0.0, >= 0.0.3)
      equalizer (~> 0.0, >= 0.0.9)
    warden (1.2.6)
      rack (>= 1.0)
    web-console (3.3.0)
      activemodel (>= 4.2)
      debug_inspector
      railties (>= 4.2)
    webmock (2.1.0)
      addressable (>= 2.3.6)
      crack (>= 0.3.2)
      hashdiff
    websocket-driver (0.6.3)
      websocket-extensions (>= 0.1.0)
    websocket-extensions (0.1.2)
    will_paginate (3.1.0)
    will_paginate-bootstrap (1.0.1)
      will_paginate (>= 3.0.3)
    wkhtmltopdf-heroku (2.12.3.0)
    xml-simple (1.1.5)
    xpath (2.0.0)
      nokogiri (~> 1.3)

PLATFORMS
  ruby

DEPENDENCIES
  activeadmin (>= 1.0.0.pre4)
  acts-as-taggable-on (~> 3.5)
  addressable
  ahoy_matey (~> 1.3)
  attribute_normalizer (~> 1.2.0.b)
  autoprefixer-rails
  bootstrap-sass (~> 3.3.3)
  bullet
  bundler-audit
  cancancan (~> 1.8)
  capybara
  capybara-email
  capybara-screenshot
  carrierwave
  carrierwave-bombshelter
  carrierwave_backgrounder
  coderay
  coffee-rails (~> 4.1.0)
  database_cleaner
  datetimepicker-rails!
  delayed_job_active_record
  delayed_job_web
  devise (>= 3.5.4)
  devise_invitable
  dotenv-rails
  dry-validation
  factory_girl_rails (~> 4.0)
  faker
  flattened_active_admin
  fog
  font-awesome-rails
  friendly_id
  gaffe
  google_calendar!
  gravtastic
  groupdate
  has_secure_token
  intercom (~> 3.5.1)
  intercom-rails
  jbuilder (~> 2.0)
  jquery-rails
  just-datetime-picker
  kramdown
  letter_opener
  lita-slack!
  logstash-logger
  mini_magick
  momentjs-rails (>= 2.8.1)!
  passenger (>= 5.0.22)
  pg
  phony_rails
  poltergeist
  postmark-rails
  pry-rails
  rails (= 4.2.7)
  rails-assets-bootstrap-tabcollapse!
  rails-assets-chartkick!
  rails-assets-curioussolutions-datetimepicker!
  rails-assets-gemini-scrollbar!
  rails-assets-intro.js!
  rails-assets-jquery-stickit!
  rails-assets-jquery.scrollTo!
  rails-assets-masonry!
  rails-assets-perfect-scrollbar!
  rails-assets-pnotify!
  rails-assets-readmore!
  rails-assets-slick-carousel!
  rails-assets-tether!
  rails-assets-trix!
  rails-assets-waypoints!
  rails_12factor
  react-rails
  recaptcha
  reform
  reform-rails
  require_all
  rest-client
  roadie-rails
  rspec-rails (~> 3.4.0)
  rubocop
  sass-rails (~> 5.0)
  seedbank
  select2-rails
  sentry-raven
  shortener
  simple_form (~> 3.1.1)
  simple_form_fancy_uploads
  simplecov
  slim
  spring
  titleize
  turbolinks
  uglifier (>= 2.7.2)
  unobtrusive_flash!
  valid_url
  videojs_rails
  virtus
  web-console
  webmock
  wicked_pdf!
  will_paginate-bootstrap
  wkhtmltopdf-heroku

RUBY VERSION
   ruby 2.3.1p112

BUNDLED WITH
   1.12.5
